GEM
  remote: https://rubygems.org/
  specs:
    activesupport (5.0.2)
      concurrent-ruby (~> 1.0, >= 1.0.2)
      i18n (~> 0.7)
      minitest (~> 5.1)
      tzinfo (~> 1.1)
    concurrent-ruby (1.0.5)
    faraday (0.11.0)
      multipart-post (>= 1.2, < 3)
    faraday_middleware (0.11.0.1)
      faraday (>= 0.7.4, < 1.0)
    fluent-logger (0.6.2)
      msgpack (>= 0.5.6, < 2)
    gli (2.15.0)
    hashie (3.5.5)
    httpclient (2.8.3)
    i18n (0.8.1)
    json (2.0.3)
    minitest (5.10.1)
    msgpack (1.1.0)
    multipart-post (2.0.0)
    slack-ruby-client (0.8.0)
      activesupport
      faraday (>= 0.9)
      faraday_middleware
      gli
      hashie
      json
      websocket-driver
    td-client (0.8.85)
      httpclient (>= 2.7)
      json (>= 1.7.6)
      msgpack (>= 0.5.6, < 2)
    td-logger (0.3.26)
      fluent-logger (>= 0.5.0, < 2.0)
      msgpack (>= 0.5.6, < 2.0)
      td-client (~> 0.8.66)
    thread_safe (0.3.6)
    tzinfo (1.2.2)
      thread_safe (~> 0.1)
    websocket-driver (0.6.5)
      websocket-extensions (>= 0.1.0)
    websocket-extensions (0.1.2)

PLATFORMS
  ruby

DEPENDENCIES
  slack-ruby-client (>= 0.8.0)
  td-logger (>= 0.3.26)

BUNDLED WITH
   1.14.4
